GEM
  remote: https://rubygems.org/
  specs:
    andand (1.3.3)
    bouncy-castle-java (1.5.0147)
    diff-lcs (1.2.5)
    git (1.2.6)
    jruby-openssl (0.9.4)
      bouncy-castle-java (>= 1.5.0147)
    json (1.8.1)
    json (1.8.1-java)
    little-plugger (1.1.3)
    logging (1.8.0)
      little-plugger (>= 1.1.3)
      multi_json (>= 1.3.6)
    maestro-plugin-rake-tasks (1.0.8)
      git
      json (>= 1.4.6)
      nokogiri
      rake (>= 0.9.2)
      rubyzip (< 1.0.0)
      zippy
    maestro_plugin (0.0.19)
      json (>= 1.4.6)
      logging (= 1.8.0)
      rubyzip (= 0.9.8)
    metaclass (0.0.2)
    mini_portile (0.5.2)
    mocha (1.0.0)
      metaclass (~> 0.0.1)
    multi_json (1.8.4)
    net-scp (1.1.2)
      net-ssh (>= 2.6.5)
    net-ssh (2.7.0)
    nokogiri (1.6.1)
      mini_portile (~> 0.5.0)
    nokogiri (1.6.1-java)
      mini_portile (~> 0.5.0)
    rake (10.1.1)
    rspec (2.14.1)
      rspec-core (~> 2.14.0)
      rspec-expectations (~> 2.14.0)
      rspec-mocks (~> 2.14.0)
    rspec-core (2.14.7)
    rspec-expectations (2.14.4)
      diff-lcs (>= 1.1.3, < 2.0)
    rspec-mocks (2.14.4)
    rubyzip (0.9.8)
    zippy (0.2.1)
      rubyzip (>= 0.9.1)

PLATFORMS
  java
  ruby

DEPENDENCIES
  andand (>= 1.3.1)
  jruby-openssl
  maestro-plugin-rake-tasks
  maestro_plugin (>= 0.0.17)
  mocha
  net-scp (>= 1.0.4)
  net-ssh (>= 2.2.1)
  rspec
