GEM
  remote: https://rubygems.org/
  remote: https://19mFQpkpgWC8xqPZVizB@gem.fury.io/me/
  specs:
    andand (1.3.1)
    bouncy-castle-java (1.5.0147)
    diff-lcs (1.2.1)
    git (1.2.5)
    jruby-openssl (0.8.7)
      bouncy-castle-java (>= 1.5.0147)
    json (1.7.7-java)
    little-plugger (1.1.3)
    logging (1.8.0)
      little-plugger (>= 1.1.3)
      multi_json (>= 1.3.6)
    maestro_plugin (0.0.4)
      json (>= 1.4.6)
      logging (= 1.8.0)
      rubyzip (= 0.9.8)
    metaclass (0.0.1)
    mocha (0.10.0)
      metaclass (~> 0.0.1)
    multi_json (1.7.2)
    net-scp (1.0.4)
      net-ssh (>= 1.99.1)
    net-ssh (2.2.1)
    nokogiri (1.5.6)
    nokogiri (1.5.6-java)
    rake (0.9.2.2)
    rcov (0.9.11)
    rcov (0.9.11-java)
    rspec (2.13.0)
      rspec-core (~> 2.13.0)
      rspec-expectations (~> 2.13.0)
      rspec-mocks (~> 2.13.0)
    rspec-core (2.13.0)
    rspec-expectations (2.13.0)
      diff-lcs (>= 1.1.3, < 2.0)
    rspec-mocks (2.13.0)
    rubyzip (0.9.8)
    zippy (0.2.1)
      rubyzip (>= 0.9.1)

PLATFORMS
  java

DEPENDENCIES
  andand (= 1.3.1)
  git
  jruby-openssl
  maestro_plugin (>= 0.0.4)
  mocha (= 0.10.0)
  net-scp (= 1.0.4)
  net-ssh (= 2.2.1)
  nokogiri
  rake (~> 0.9.2.2)
  rcov (= 0.9.11)
  rspec
  zippy
